GEM
  remote: https://rubygems.org/
  specs:
    activemodel (3.2.22.5)
      activesupport (= 3.2.22.5)
      builder (~> 3.0.0)
    activesupport (3.2.22.5)
      i18n (~> 0.6, >= 0.6.4)
      multi_json (~> 1.0)
    bson (4.3.0)
    bson_ext (1.3.1)
    builder (3.0.4)
    concurrent-ruby (1.0.5)
    congress (0.3.0)
      faraday (~> 0.9.0)
      faraday_middleware (~> 0.10.0)
      geocoder (~> 1.2)
      hashie (~> 3.0)
    faraday (0.9.2)
      multipart-post (>= 1.2, < 3)
    faraday_middleware (0.10.1)
      faraday (>= 0.7.4, < 1.0)
    geocoder (1.4.9)
    hashie (3.5.7)
    i18n (0.9.5)
      concurrent-ruby (~> 1.0)
    kgio (2.11.2)
    mongo (1.3.1)
      bson (>= 1.3.1)
    mongoid (2.0.2)
      activemodel (~> 3.0)
      mongo (~> 1.3)
      tzinfo (~> 0.3.22)
    mongoid_slug (0.7.2)
      mongoid (~> 2.0.0)
      stringex (~> 1.2.0)
    multi_json (1.13.1)
    multipart-post (2.0.0)
    rack (1.6.10)
    raindrops (0.19.0)
    safe_yaml (1.0.4)
    sinatra (1.2.6)
      rack (~> 1.1)
      tilt (>= 1.2.2, < 2.0)
    sinatra-content-for (0.2)
      sinatra
    stringex (1.2.2)
    tilt (1.4.1)
    tzinfo (0.3.54)
    unicorn (5.4.0)
      kgio (~> 2.6)
      raindrops (~> 0.7)
    wirble (0.1.3)

PLATFORMS
  ruby

DEPENDENCIES
  bson_ext (= 1.3.1)
  congress
  mongo (= 1.3.1)
  mongoid (= 2.0.2)
  mongoid_slug (= 0.7.2)
  safe_yaml
  sinatra (= 1.2.6)
  sinatra-content-for (= 0.2)
  unicorn
  wirble

BUNDLED WITH
   1.15.1
